NUGET
  remote: https://nuget.org/api/v2
  specs:
    EventStore.Client (3.0.1)
    FAKE (3.10.0)
    FsCheck (1.0.3)
    FSharpx.Collections (1.9.4)
    FSharpx.Core (1.8.41)
    FsUnit (1.3.0.1)
      NUnit (>= 2.6.3)
    Newtonsoft.Json (6.0.6)
    NuGet.CommandLine (2.8.3)
    NUnit (2.6.3)
    NUnit.Runners (2.6.3)
